{
  "AcquisitionMatrixPE": 192,
  "AcquisitionNumber": 1,
  "BaseResolution": 192,
  "CoilCombinationMethod": "Adaptive Combine",
  "CoilString": "C:HEA;HEP",
  "ConversionSoftware": "dcm2niix",
  "ConversionSoftwareVersion": "v1.0.20220720",
  "DeviceSerialNumber": "35235",
  "DwellTime": 4e-06,
  "EchoTime": 0.00174,
  "FlipAngle": 7,
  "HeudiconvVersion": "0.11.3",
  "ImageComments": "32CH MATRIX",
  "ImageOrientationPatientDICOM": [0.136201, 0.990355, -0.0254143, 0.080661, -0.036654, -0.996067],
  "ImageOrientationText": "Sag>Cor(7.7)>Tra(-4.9)",
  "ImageType": [
    "ORIGINAL",
    "PRIMARY",
    "OTHER",
    "ND",
    "NORM",
    "MEAN"
],
  "ImagingFrequency": 123.251,
  "InPlanePhaseEncodingDirectionDICOM": "ROW",
  "InstitutionAddress": "InstitutionAddressProtected",
  "InstitutionName": "InstitutionNameProtected",
  "InstitutionalDepartmentName": "Department",
  "MRAcquisitionType": "3D",
  "MagneticFieldStrength": 3,
  "Manufacturer": "Siemens",
  "ManufacturersModelName": "TrioTim",
  "MatrixCoilMode": "GRAPPA",
  "Modality": "MR",
  "NonlinearGradientCorrection": false,
  "NumberOfAverages": 4,
  "ParallelReductionFactorInPlane": 2,
  "PartialFourier": 1,
  "PatientPosition": "HFS",
  "PercentPhaseFOV": 100,
  "PercentSampling": 100,
  "PhaseEncodingSteps": 191,
  "PhaseResolution": 1,
  "PixelBandwidth": 651,
  "ProcedureStepDescription": "MR Brain with MRV",
  "ProtocolName": "mocoMEMPRAGE_192FOV",
  "PulseSequenceDetails": "%CustomerSeq%\\MGH_Moco\\tfl_mgh_multiecho_epinav",
  "ReceiveCoilName": "32Ch_Head",
  "ReconMatrixPE": 192,
  "RefLinesPE": 32,
  "RepetitionTime": 2.53,
  "SAR": 0.182791,
  "ScanOptions": "IR",
  "ScanningSequence": "GR\\IR",
  "SequenceName": "r73d4_ns",
  "SequenceVariant": "SP\\MP",
  "SeriesDescription": "mocoMEMPRAGE_192FOV RMS",
  "SeriesNumber": 6,
  "ShimSetting": [-856, -9148, -11129, 815, -383, -127, -22, -95],
  "SliceThickness": 1,
  "SoftwareVersions": "syngo MR B17",
  "StationName": "MRC35235",
  "TxRefAmp": 320.288}